PATH
  remote: .
  specs:
    use_the_forcible (0.0.2)
      activerecord (~> 3.2)

GEM
  remote: https://rubygems.org/
  specs:
    activemodel (3.2.11)
      activesupport (= 3.2.11)
      builder (~> 3.0.0)
    activerecord (3.2.11)
      activemodel (= 3.2.11)
      activesupport (= 3.2.11)
      arel (~> 3.0.2)
      tzinfo (~> 0.3.29)
    activesupport (3.2.11)
      i18n (~> 0.6)
      multi_json (~> 1.0)
    arel (3.0.2)
    builder (3.0.4)
    diff-lcs (1.1.3)
    i18n (0.6.1)
    multi_json (1.5.0)
    rspec (2.12.0)
      rspec-core (~> 2.12.0)
      rspec-expectations (~> 2.12.0)
      rspec-mocks (~> 2.12.0)
    rspec-core (2.12.2)
    rspec-expectations (2.12.1)
      diff-lcs (~> 1.1.3)
    rspec-mocks (2.12.2)
    rspectacular (0.5.0)
      rspec (~> 2.12)
    sqlite3 (1.3.6)
    tzinfo (0.3.35)

PLATFORMS
  ruby

DEPENDENCIES
  rspec (~> 2.12)
  rspectacular (~> 0.5)
  sqlite3 (~> 1.3)
  use_the_forcible!
