PATH
  remote: .
  specs:
    use_the_forcible (0.0.1)

GEM
  remote: https://rubygems.org/
  specs:
    activemodel (3.1.8)
      activesupport (= 3.1.8)
      builder (~> 3.0.0)
      i18n (~> 0.6)
    activerecord (3.1.8)
      activemodel (= 3.1.8)
      activesupport (= 3.1.8)
      arel (~> 2.2.3)
      tzinfo (~> 0.3.29)
    activesupport (3.1.8)
      multi_json (>= 1.0, < 1.3)
    arel (2.2.3)
    awesome_print (1.1.0)
    builder (3.0.3)
    diff-lcs (1.1.3)
    fuubar (1.1.0)
      rspec (~> 2.0)
      rspec-instafail (~> 0.2.0)
      ruby-progressbar (~> 1.0.0)
    guard (1.4.0)
      listen (>= 0.4.2)
      thor (>= 0.14.6)
    guard-rspec (2.0.0)
      guard (>= 1.1)
      rspec (~> 2.11)
    i18n (0.6.1)
    listen (0.5.3)
    multi_json (1.2.0)
    rb-fsevent (0.9.2)
    rspec (2.11.0)
      rspec-core (~> 2.11.0)
      rspec-expectations (~> 2.11.0)
      rspec-mocks (~> 2.11.0)
    rspec-core (2.11.1)
    rspec-expectations (2.11.3)
      diff-lcs (~> 1.1.3)
    rspec-instafail (0.2.4)
    rspec-mocks (2.11.3)
    ruby-progressbar (1.0.2)
    sqlite3 (1.3.6)
    thor (0.16.0)
    tzinfo (0.3.33)

PLATFORMS
  ruby

DEPENDENCIES
  activerecord (~> 3.1.8)
  awesome_print (~> 1.1.0)
  fuubar (~> 1.0)
  guard (~> 1.4.0)
  guard-rspec (~> 2.0.0)
  rb-fsevent (~> 0.9.1)
  rspec (~> 2.11)
  sqlite3 (~> 1.3.6)
  use_the_forcible!
